GEM
  remote: https://rubygems.org/
  specs:
    ast (2.3.0)
    parser (2.3.3.1)
      ast (~> 2.2)

PLATFORMS
  ruby

DEPENDENCIES
  parser (= 2.3.3.1)

BUNDLED WITH
   1.12.5
